PATH
  remote: .
  specs:
    wtpkp (0.0.1)
      docopt (~> 0.5.0)
      mechanize (~> 2.7.3)
      terminal-notifier (~> 1.6.0)
      terminal-table (~> 1.4.5)

GEM
  remote: https://rubygems.org/
  specs:
    celluloid (0.15.2)
      timers (~> 1.1.0)
    celluloid-io (0.15.0)
      celluloid (>= 0.15.0)
      nio4r (>= 0.5.0)
    coderay (1.1.0)
    diff-lcs (1.2.5)
    docopt (0.5.0)
    domain_name (0.5.20)
      unf (>= 0.0.5, < 1.0.0)
    ffi (1.9.3)
    formatador (0.2.4)
    guard (2.6.0)
      formatador (>= 0.2.4)
      listen (~> 2.7)
      lumberjack (~> 1.0)
      pry (>= 0.9.12)
      thor (>= 0.18.1)
    guard-rspec (4.2.8)
      guard (~> 2.1)
      rspec (>= 2.14, < 4.0)
    http-cookie (1.0.2)
      domain_name (~> 0.5)
    listen (2.7.1)
      celluloid (>= 0.15.2)
      celluloid-io (>= 0.15.0)
      rb-fsevent (>= 0.9.3)
      rb-inotify (>= 0.9)
    lumberjack (1.0.5)
    mechanize (2.7.3)
      domain_name (~> 0.5, >= 0.5.1)
      http-cookie (~> 1.0)
      mime-types (~> 2.0)
      net-http-digest_auth (~> 1.1, >= 1.1.1)
      net-http-persistent (~> 2.5, >= 2.5.2)
      nokogiri (~> 1.4)
      ntlm-http (~> 0.1, >= 0.1.1)
      webrobots (>= 0.0.9, < 0.2)
    method_source (0.8.2)
    mime-types (2.3)
    mini_portile (0.6.0)
    net-http-digest_auth (1.4)
    net-http-persistent (2.9.4)
    nio4r (1.0.0)
    nokogiri (1.6.3.1)
      mini_portile (= 0.6.0)
    ntlm-http (0.1.1)
    pry (0.9.12.6)
      coderay (~> 1.0)
      method_source (~> 0.8)
      slop (~> 3.4)
    rake (10.2.2)
    rb-fsevent (0.9.4)
    rb-inotify (0.9.3)
      ffi (>= 0.5.0)
    rspec (2.14.1)
      rspec-core (~> 2.14.0)
      rspec-expectations (~> 2.14.0)
      rspec-mocks (~> 2.14.0)
    rspec-core (2.14.8)
    rspec-expectations (2.14.5)
      diff-lcs (>= 1.1.3, < 2.0)
    rspec-mocks (2.14.6)
    slop (3.5.0)
    terminal-notifier (1.6.1)
    terminal-table (1.4.5)
    thor (0.19.1)
    timers (1.1.0)
    unf (0.1.4)
      unf_ext
    unf_ext (0.0.6)
    webrobots (0.1.1)

PLATFORMS
  ruby

DEPENDENCIES
  bundler (~> 1.3)
  guard
  guard-rspec
  rake
  rspec
  wtpkp!
